GEM
  remote: http://rubygems.org/
  specs:
    backports (2.6.5)
    builder (3.1.4)
    crack (0.3.1)
    daemons (1.1.9)
    eventmachine (1.0.0)
    haml (3.1.7)
    happymapper (0.4.0)
      libxml-ruby (~> 2.0)
    libxml-ruby (2.4.0)
    mime-types (1.19)
    nokogiri (1.5.6)
    nokogiri-happymapper (0.5.6)
      nokogiri (~> 1.5)
    pivotal-tracker (0.5.10)
      builder
      builder
      crack
      happymapper (>= 0.3.2)
      nokogiri (>= 1.4.3)
      nokogiri (>= 1.5.5)
      nokogiri-happymapper (>= 0.5.4)
      rest-client (~> 1.6.0)
      rest-client (~> 1.6.0)
    rack (1.4.3)
    rack-protection (1.3.2)
      rack
    rack-test (0.6.2)
      rack (>= 1.0)
    rest-client (1.6.7)
      mime-types (>= 1.16)
    sinatra (1.3.3)
      rack (~> 1.3, >= 1.3.6)
      rack-protection (~> 1.2)
      tilt (~> 1.3, >= 1.3.3)
    sinatra-contrib (1.3.2)
      backports (>= 2.0)
      eventmachine
      rack-protection
      rack-test
      sinatra (~> 1.3.0)
      tilt (~> 1.3)
    thin (1.5.0)
      daemons (>= 1.0.9)
      eventmachine (>= 0.12.6)
      rack (>= 1.0.0)
    tilt (1.3.3)

PLATFORMS
  ruby

DEPENDENCIES
  haml
  nokogiri
  pivotal-tracker
  sinatra
  sinatra-contrib
  thin
